GEM
  remote: https://rubygems.org/
  specs:
    activemodel (6.0.6.1)
      activesupport (= 6.0.6.1)
    activerecord (6.0.6.1)
      activemodel (= 6.0.6.1)
      activesupport (= 6.0.6.1)
    activesupport (6.0.6.1)
      concurrent-ruby (~> 1.0, >= 1.0.2)
      i18n (>= 0.7, < 2)
      minitest (~> 5.1)
      tzinfo (~> 1.1)
      zeitwerk (~> 2.2, >= 2.2.2)
    backports (3.25.0)
    concurrent-ruby (1.3.4)
    dotenv (2.8.1)
    i18n (1.14.6)
      concurrent-ruby (~> 1.0)
    minitest (5.25.4)
    multi_json (1.15.0)
    mustermann (1.1.2)
      ruby2_keywords (~> 0.0.1)
    mysql2 (0.5.6)
    nio4r (2.7.4)
    puma (5.6.9)
      nio4r (~> 2.0)
    rack (2.2.3)
    rack-protection (2.0.0)
      rack
    ruby2_keywords (0.0.5)
    sinatra (2.0.0)
      mustermann (~> 1.0)
      rack (~> 2.0)
      rack-protection (= 2.0.0)
      tilt (~> 2.0)
    sinatra-contrib (2.0.0)
      backports (>= 2.0)
      multi_json
      mustermann (~> 1.0)
      rack-protection (= 2.0.0)
      sinatra (= 2.0.0)
      tilt (>= 1.3, < 3)
    thread_safe (0.3.6)
    tilt (2.5.0)
    tzinfo (1.2.11)
      thread_safe (~> 0.1)
    zeitwerk (2.7.1)

PLATFORMS
  x64-mingw-ucrt

DEPENDENCIES
  activerecord (~> 6.0.0)
  dotenv (~> 2.8.1)
  mysql2
  puma (~> 5.6.4)
  rack (= 2.2.3)
  sinatra (= 2.0.0)
  sinatra-contrib (~> 2.0)

RUBY VERSION
   ruby 3.3.5p100

BUNDLED WITH
   2.6.2
